GEM
  remote: http://rubygems.org/
  specs:
    bootstrap-sass (2.1.0.0)
    chunky_png (1.2.5)
    compass (0.12.1)
      chunky_png (~> 1.2)
      fssm (>= 0.2.7)
      sass (~> 3.1)
    fssm (0.2.9)
    sass (3.1.19)

PLATFORMS
  x86-mingw32

DEPENDENCIES
  bootstrap-sass (~> 2.1.0)
  compass (~> 0.12.1)
